GIT
  remote: https://github.com/synthead/timex_datalink_client
  revision: a0a42d3d6cabc48af76ac08050d15eb19230dc90
  branch: main
  specs:
    timex_datalink_client (0.12.3)
      activemodel (~> 7.0.4)
      crc (~> 0.4.2)
      mdb (~> 0.5.0)
      uart (~> 1.0.0)

GEM
  remote: https://rubygems.org/
  specs:
    activemodel (7.0.8.7)
      activesupport (= 7.0.8.7)
    activesupport (7.0.8.7)
      concurrent-ruby (~> 1.0, >= 1.0.2)
      i18n (>= 1.6, < 2)
      minitest (>= 5.1)
      tzinfo (~> 2.0)
    concurrent-ruby (1.3.5)
    crc (0.4.2)
    i18n (1.14.7)
      concurrent-ruby (~> 1.0)
    mdb (0.5.0)
    minitest (5.25.4)
    ruby-termios (1.1.0)
    tzinfo (2.0.6)
      concurrent-ruby (~> 1.0)
    uart (1.0.0)
      ruby-termios

PLATFORMS
  x86_64-linux

DEPENDENCIES
  timex_datalink_client!

BUNDLED WITH
   2.4.19
